PATH
  remote: .
  specs:
    annyeonghaseyo (0.0.1)
      bundler
      solve (= 1.1.0)

GEM
  remote: https://rubygems.org/
  specs:
    dep-selector-libgecode (1.0.0)
    dep_selector (1.0.1)
      dep-selector-libgecode (~> 1.0)
      ffi (~> 1.9)
    ffi (1.9.3)
    semverse (1.1.0)
    solve (1.1.0)
      dep_selector (~> 1.0)
      semverse (~> 1.1)

PLATFORMS
  ruby

DEPENDENCIES
  annyeonghaseyo!
